NUGET
  remote: http://nuget.org/api/v2
  specs:
    Aether (6.0)
    FAKE (3.17.0)
    FSharp.Core (3.1.2.1)
    NuGet.CommandLine (2.8.3)
    NUnit (2.6.4)
    Unquote (2.2.2)
