NUGET
  remote: http://nuget.org/api/v2
  specs:
    Aether (8.0.2)

GROUP Build
NUGET
  remote: http://nuget.org/api/v2
  specs:
    FAKE (4.14.2)
GITHUB
  remote: xyncro/build
  specs:
    build.fsx (1ef06d448999e0c0a04b8a35948a5afccfdbfbec)
GROUP Test
FRAMEWORK: >= NET45
NUGET
  remote: http://nuget.org/api/v2
  specs:
    Unquote (3.1.0)
    xunit (2.1.0)
      xunit.assert (2.1.0)
      xunit.core (2.1.0)
    xunit.abstractions (2.0.0)
    xunit.assert (2.1.0)
    xunit.core (2.1.0)
      xunit.extensibility.core (2.1.0)
      xunit.extensibility.execution (2.1.0)
    xunit.extensibility.core (2.1.0)
      xunit.abstractions (2.0.0)
    xunit.extensibility.execution (2.1.0)
      xunit.extensibility.core (2.1.0)
    xunit.runner.console (2.1.0)
