NUGET
  remote: http://nuget.org/api/v2
  specs:
    Aether (8.0.0-b6)

GROUP Build
NUGET
  remote: http://nuget.org/api/v2
  specs:
    FAKE (4.8.0)

GROUP Test
FRAMEWORK: >= NET45
NUGET
  remote: http://nuget.org/api/v2
  specs:
    FSharp.Core (3.1.2.5) - redirects: on
    NUnit (2.6.4)
    Unquote (3.1.0)
