NUGET
  remote: http://nuget.org/api/v2
  specs:
    Aether (7.0.1)
    FAKE (4.7.1)
    NuGet.CommandLine (2.8.6)
    NUnit (2.6.4)
    Unquote (3.1.0)
