NUGET
  remote: http://nuget.org/api/v2
  specs:
    Aether (8.0.2)

GROUP Build
NUGET
  remote: http://nuget.org/api/v2
  specs:
    FAKE (4.10.5)

GROUP Test
FRAMEWORK: >= NET45
NUGET
  remote: http://nuget.org/api/v2
  specs:
    NUnit (3.0.1)
    Unquote (3.1.0)
